GEM
  remote: https://rubygems.org/
  specs:
    diff-lcs (1.5.0)
    gem (0.0.1.alpha)
    pg (1.4.5)
    rspec (3.12.0)
      rspec-core (~> 3.12.0)
      rspec-expectations (~> 3.12.0)
      rspec-mocks (~> 3.12.0)
    rspec-core (3.12.0)
      rspec-support (~> 3.12.0)
    rspec-expectations (3.12.0)
      diff-lcs (>= 1.2.0, < 2.0)
      rspec-support (~> 3.12.0)
    rspec-mocks (3.12.0)
      diff-lcs (>= 1.2.0, < 2.0)
      rspec-support (~> 3.12.0)
    rspec-support (3.12.0)

PLATFORMS
  x86_64-darwin-21

DEPENDENCIES
  gem (~> 0.0.1.alpha)
  pg (~> 1.4)
  rspec (~> 3.12)

BUNDLED WITH
   2.3.26
